GEM
  remote: http://rubygems.org/
  specs:
    aws-eventstream (1.2.0)
    aws-partitions (1.585.0)
    aws-sdk-core (3.130.2)
      aws-eventstream (~> 1, >= 1.0.2)
      aws-partitions (~> 1, >= 1.525.0)
      aws-sigv4 (~> 1.1)
      jmespath (~> 1.0)
    aws-sdk-kms (1.56.0)
      aws-sdk-core (~> 3, >= 3.127.0)
      aws-sigv4 (~> 1.1)
    aws-sdk-s3 (1.114.0)
      aws-sdk-core (~> 3, >= 3.127.0)
      aws-sdk-kms (~> 1)
      aws-sigv4 (~> 1.4)
    aws-sigv4 (1.5.0)
      aws-eventstream (~> 1, >= 1.0.2)
    docker-api (1.33.2)
      excon (>= 0.38.0)
      json
    domain_name (0.5.20190701)
      unf (>= 0.0.5, < 1.0.0)
    excon (0.85.0)
    http-accept (1.7.0)
    http-cookie (1.0.3)
      domain_name (~> 0.5)
    jdbc-h2 (1.4.193)
    jmespath (1.6.1)
    json (2.6.2)
    json (2.6.2-java)
    mime-types (3.2.2)
      mime-types-data (~> 3.2015)
    mime-types-data (3.2019.0331)
    mini_portile2 (2.8.0)
    netrc (0.11.0)
    nokogiri (1.13.8)
      mini_portile2 (~> 2.8.0)
      racc (~> 1.4)
    nokogiri (1.13.8-java)
      racc (~> 1.4)
    power_assert (2.0.1)
    racc (1.6.0)
    racc (1.6.0-java)
    rake (13.0.6)
    rest-client (2.1.0)
      http-accept (>= 1.7.0, < 2.0)
      http-cookie (>= 1.0.2, < 2.0)
      mime-types (>= 1.16, < 4.0)
      netrc (~> 0.8)
    rubyzip (1.3.0)
    sequel (5.58.0)
    test-unit (3.5.3)
      power_assert
    unf (0.1.4)
      unf_ext
    unf (0.1.4-java)
    unf_ext (0.0.7.6)

PLATFORMS
  java
  ruby

DEPENDENCIES
  aws-sdk-s3 (~> 1)
  docker-api
  jdbc-h2
  json
  nokogiri
  rake
  rest-client
  rubyzip
  sequel
  test-unit

BUNDLED WITH
   1.14.5
