GEM
  remote: http://rubygems.org/
  specs:
    aws-eventstream (1.0.3)
    aws-partitions (1.203.0)
    aws-sdk-core (3.64.0)
      aws-eventstream (~> 1.0, >= 1.0.2)
      aws-partitions (~> 1.0)
      aws-sigv4 (~> 1.1)
      jmespath (~> 1.0)
    aws-sdk-kms (1.24.0)
      aws-sdk-core (~> 3, >= 3.61.1)
      aws-sigv4 (~> 1.1)
    aws-sdk-s3 (1.46.0)
      aws-sdk-core (~> 3, >= 3.61.1)
      aws-sdk-kms (~> 1)
      aws-sigv4 (~> 1.1)
    aws-sigv4 (1.1.0)
      aws-eventstream (~> 1.0, >= 1.0.2)
    docker-api (1.33.2)
      excon (>= 0.38.0)
      json
    domain_name (0.5.20190701)
      unf (>= 0.0.5, < 1.0.0)
    excon (0.55.0)
    http-accept (1.7.0)
    http-cookie (1.0.3)
      domain_name (~> 0.5)
    jdbc-h2 (1.4.193)
    jmespath (1.4.0)
    json (2.2.0)
    json (2.2.0-java)
    mime-types (3.2.2)
      mime-types-data (~> 3.2015)
    mime-types-data (3.2019.0331)
    mini_portile2 (2.4.0)
    netrc (0.11.0)
    nokogiri (1.10.4)
      mini_portile2 (~> 2.4.0)
    nokogiri (1.10.4-java)
    power_assert (2.0.0)
    rake (12.0.0)
    rest-client (2.1.0)
      http-accept (>= 1.7.0, < 2.0)
      http-cookie (>= 1.0.2, < 2.0)
      mime-types (>= 1.16, < 4.0)
      netrc (~> 0.8)
    rubyzip (1.2.2)
    sequel (5.23.0)
    test-unit (3.4.2)
      power_assert
    unf (0.1.4)
      unf_ext
    unf (0.1.4-java)
    unf_ext (0.0.7.6)

PLATFORMS
  java
  ruby

DEPENDENCIES
  aws-sdk-s3 (~> 1)
  docker-api
  jdbc-h2
  json
  nokogiri
  rake
  rest-client
  rubyzip
  sequel
  test-unit

BUNDLED WITH
   1.14.5
