GEM
  remote: http://rubygems.org/
  specs:
    aws-eventstream (1.3.0)
    aws-partitions (1.961.0)
    aws-sdk-core (3.201.3)
      aws-eventstream (~> 1, >= 1.3.0)
      aws-partitions (~> 1, >= 1.651.0)
      aws-sigv4 (~> 1.8)
      jmespath (~> 1, >= 1.6.1)
    aws-sdk-kms (1.88.0)
      aws-sdk-core (~> 3, >= 3.201.0)
      aws-sigv4 (~> 1.5)
    aws-sdk-s3 (1.157.0)
      aws-sdk-core (~> 3, >= 3.201.0)
      aws-sdk-kms (~> 1)
      aws-sigv4 (~> 1.5)
    aws-sigv4 (1.9.1)
      aws-eventstream (~> 1, >= 1.0.2)
    bigdecimal (3.1.8)
    bigdecimal (3.1.8-java)
    docker-api (2.3.0)
      excon (>= 0.64.0)
      multi_json
    domain_name (0.5.20190701)
      unf (>= 0.0.5, < 1.0.0)
    excon (0.111.0)
    http-accept (1.7.0)
    http-cookie (1.0.3)
      domain_name (~> 0.5)
    jdbc-h2 (1.4.193)
    jmespath (1.6.2)
    json (2.7.2)
    json (2.7.2-java)
    mime-types (3.2.2)
      mime-types-data (~> 3.2015)
    mime-types-data (3.2019.0331)
    mini_portile2 (2.8.7)
    multi_json (1.15.0)
    netrc (0.11.0)
    nokogiri (1.16.7)
      mini_portile2 (~> 2.8.2)
      racc (~> 1.4)
    nokogiri (1.16.7-java)
      racc (~> 1.4)
    power_assert (2.0.3)
    racc (1.8.1)
    racc (1.8.1-java)
    rake (13.2.1)
    rest-client (2.1.0)
      http-accept (>= 1.7.0, < 2.0)
      http-cookie (>= 1.0.2, < 2.0)
      mime-types (>= 1.16, < 4.0)
      netrc (~> 0.8)
    rubyzip (1.3.0)
    sequel (5.83.0)
      bigdecimal
    test-unit (3.6.2)
      power_assert
    unf (0.1.4)
      unf_ext
    unf (0.1.4-java)
    unf_ext (0.0.7.6)

PLATFORMS
  java
  ruby

DEPENDENCIES
  aws-sdk-s3 (~> 1)
  docker-api
  jdbc-h2
  json
  nokogiri
  rake
  rest-client
  rubyzip
  sequel
  test-unit

BUNDLED WITH
   1.14.5
