GEM
  remote: https://rubygems.org/
  specs:
    docker-api (1.33.2)
      excon (>= 0.38.0)
      json
    domain_name (0.5.20170223)
      unf (>= 0.0.5, < 1.0.0)
    excon (0.55.0)
    http-cookie (1.0.3)
      domain_name (~> 0.5)
    jdbc-h2 (1.4.193)
    json (2.0.3-java)
    mime-types (2.99.3)
    netrc (0.11.0)
    nokogiri (1.7.0.1-java)
    power_assert (1.0.1)
    rake (12.0.0)
    rest-client (1.8.0)
      http-cookie (>= 1.0.2, < 2.0)
      mime-types (>= 1.16, < 3.0)
      netrc (~> 0.7)
    rubyzip (1.2.1)
    sequel (4.44.0)
    test-unit (3.2.3)
      power_assert
    unf (0.1.4-java)

PLATFORMS
  java

DEPENDENCIES
  docker-api
  jdbc-h2
  json
  nokogiri
  rake
  rest-client
  rubyzip
  sequel
  test-unit

BUNDLED WITH
   1.14.5
