GEM
  remote: https://rubygems.org/
  specs:
    docker-api (1.33.2)
      excon (>= 0.38.0)
      json
    domain_name (0.5.20170223)
      unf (>= 0.0.5, < 1.0.0)
    excon (0.55.0)
    http-cookie (1.0.3)
      domain_name (~> 0.5)
    java (0.0.2)
    json (2.0.3)
    json (2.0.3-java)
    mime-types (3.1)
      mime-types-data (~> 3.2015)
    mime-types-data (3.2016.0521)
    mini_portile2 (2.1.0)
    netrc (0.11.0)
    nokogiri (1.7.0.1)
      mini_portile2 (~> 2.1.0)
    nokogiri (1.7.0.1-java)
    power_assert (1.0.1)
    rake (12.0.0)
    rest-client (2.0.1)
      http-cookie (>= 1.0.2, < 2.0)
      mime-types (>= 1.16, < 4.0)
      netrc (~> 0.8)
    rubyzip (1.2.1)
    sequel (4.43.0)
    test-unit (3.2.3)
      power_assert
    unf (0.1.4)
      unf_ext
    unf (0.1.4-java)
    unf_ext (0.0.7.2)

PLATFORMS
  java
  ruby

DEPENDENCIES
  docker-api
  java
  json
  nokogiri
  rake
  rest-client
  rubyzip
  sequel
  test-unit

BUNDLED WITH
   1.14.5
